GEM
  remote: http://rubygems.org/
  specs:
    addressable (2.5.2)
      public_suffix (>= 2.0.2, < 4.0)
    archive-zip (0.7.0)
      io-like (~> 0.3.0)
    builder (3.2.3)
    capybara (2.6.0)
      addressable
      mime-types (>= 1.16)
      nokogiri (>= 1.3.3)
      rack (>= 1.0.0)
      rack-test (>= 0.5.4)
      xpath (~> 2.0)
    capybara-mechanize (1.5.0)
      capybara (~> 2.4, >= 2.4.4)
      mechanize (~> 2.7.0)
    capybara-selenium (0.0.6)
      capybara
      selenium-webdriver
    childprocess (0.8.0)
      ffi (~> 1.0, >= 1.0.11)
    cliver (0.3.2)
    cucumber (2.0.0)
      builder (>= 2.1.2)
      cucumber-core (~> 1.1.3)
      diff-lcs (>= 1.1.3)
      gherkin (~> 2.12)
      multi_json (>= 1.7.5, < 2.0)
      multi_test (>= 0.1.2)
    cucumber-core (1.1.3)
      gherkin (~> 2.12.0)
    diff-lcs (1.3)
    domain_name (0.5.20170404)
      unf (>= 0.0.5, < 1.0.0)
    ffi (1.9.23)
    geckodriver-helper (0.0.4)
      archive-zip (~> 0.7.0)
    gherkin (2.12.2)
      multi_json (~> 1.3)
    http-cookie (1.0.3)
      domain_name (~> 0.5)
    io-like (0.3.0)
    json (2.1.0)
    launchy (2.4.3)
      addressable (~> 2.3)
    mechanize (2.7.5)
      domain_name (~> 0.5, >= 0.5.1)
      http-cookie (~> 1.0)
      mime-types (>= 1.17.2)
      net-http-digest_auth (~> 1.1, >= 1.1.1)
      net-http-persistent (~> 2.5, >= 2.5.2)
      nokogiri (~> 1.6)
      ntlm-http (~> 0.1, >= 0.1.1)
      webrobots (>= 0.0.9, < 0.2)
    mime-types (3.1)
      mime-types-data (~> 3.2015)
    mime-types-data (3.2016.0521)
    mini_portile2 (2.3.0)
    multi_json (1.13.1)
    multi_test (0.1.2)
    net-http-digest_auth (1.4.1)
    net-http-persistent (2.9.4)
    nokogiri (1.8.2)
      mini_portile2 (~> 2.3.0)
    ntlm-http (0.1.1)
    poltergeist (1.9.0)
      capybara (~> 2.1)
      cliver (~> 0.3.1)
      multi_json (~> 1.0)
      websocket-driver (>= 0.2.0)
    power_assert (1.1.1)
    public_suffix (3.0.2)
    rack (2.0.4)
    rack-test (0.8.3)
      rack (>= 1.0, < 3)
    rspec (3.2.0)
      rspec-core (~> 3.2.0)
      rspec-expectations (~> 3.2.0)
      rspec-mocks (~> 3.2.0)
    rspec-core (3.2.3)
      rspec-support (~> 3.2.0)
    rspec-expectations (3.2.1)
      diff-lcs (>= 1.2.0, < 2.0)
      rspec-support (~> 3.2.0)
    rspec-mocks (3.2.1)
      diff-lcs (>= 1.2.0, < 2.0)
      rspec-support (~> 3.2.0)
    rspec-support (3.2.2)
    rubyzip (1.2.1)
    selenium-webdriver (3.10.0)
      childprocess (~> 0.5)
      rubyzip (~> 1.2)
    test-unit (3.2.7)
      power_assert
    test-unit-capybara (1.0.5)
      capybara (>= 2.1.0)
      json
      test-unit (>= 2.5.3)
    unf (0.1.4)
      unf_ext
    unf_ext (0.0.7.5)
    webrobots (0.1.2)
    websocket-driver (0.7.0)
      websocket-extensions (>= 0.1.0)
    websocket-extensions (0.1.3)
    xpath (2.1.0)
      nokogiri (~> 1.3)

PLATFORMS
  ruby

DEPENDENCIES
  capybara
  capybara-mechanize
  capybara-selenium
  cucumber
  geckodriver-helper
  launchy
  poltergeist
  rspec
  test-unit-capybara

BUNDLED WITH
   1.16.1
